GEM
  remote: https://rubygems.org/
  remote: https://g2UgJs2Zzh5DHy9wesq5@gem.fury.io/mlaguren/
  specs:
    diff-lcs (1.3)
    docile (1.3.0)
    json (2.1.0)
    rspec (3.7.0)
      rspec-core (~> 3.7.0)
      rspec-expectations (~> 3.7.0)
      rspec-mocks (~> 3.7.0)
    rspec-core (3.7.1)
      rspec-support (~> 3.7.0)
    rspec-expectations (3.7.0)
      diff-lcs (>= 1.2.0, < 2.0)
      rspec-support (~> 3.7.0)
    rspec-mocks (3.7.0)
      diff-lcs (>= 1.2.0, < 2.0)
      rspec-support (~> 3.7.0)
    rspec-support (3.7.1)
    rspec_junit_formatter (0.3.0)
      rspec-core (>= 2, < 4, != 2.12.0)
    simplecov (0.16.1)
      docile (~> 1.1)
      json (>= 1.8, < 3)
      simplecov-html (~> 0.10.0)
    simplecov-html (0.10.2)

PLATFORMS
  ruby

DEPENDENCIES
  bundler (= 1.16.0)
  rspec (~> 3.7)
  rspec_junit_formatter (~> 0.3.0)
  simplecov (~> 0.16.1)

BUNDLED WITH
   1.16.0
